GEM
  remote: https://rubygems.org/
  specs:
    blankslate (2.1.2.4)
    json (1.8.1)
    parslet (1.6.1)
      blankslate (~> 2.0)
    rubytree (0.9.4)
      json (~> 1.8)
      structured_warnings (~> 0.1)
    structured_warnings (0.1.4)

PLATFORMS
  ruby

DEPENDENCIES
  parslet
  rubytree
