GEM
  remote: https://rubygems.org/
  specs:
    citrus (3.0.1)

PLATFORMS
  ruby

DEPENDENCIES
  citrus
