GEM
  remote: https://rubygems.org/
  specs:
    awesome_print (1.2.0)
    blankslate (2.1.2.4)
    citrus (3.0.1)
    parslet (1.6.1)
      blankslate (~> 2.0)
    polyglot (0.3.5)
    treetop (1.5.3)
      polyglot (~> 0.3)

PLATFORMS
  ruby

DEPENDENCIES
  awesome_print
  citrus
  parslet
  treetop
